GIT
  remote: https://github.com/wpalmer/config-ruby-dsl.git
  revision: 415e9ff3007b668d7bd99819ea56a67390c1edb4
  specs:
    diw-config (0.0.1)

GEM
  remote: https://rubygems.org/
  specs:
    aws-sdk (2.9.7)
      aws-sdk-resources (= 2.9.7)
    aws-sdk-core (2.9.7)
      aws-sigv4 (~> 1.0)
      jmespath (~> 1.0)
    aws-sdk-resources (2.9.7)
      aws-sdk-core (= 2.9.7)
    aws-sigv4 (1.0.0)
    cloudformation-ruby-dsl (1.4.6)
      aws-sdk (>= 2.5.1)
      bundler
      detabulator
      diffy
      highline
      json
      rake
    detabulator (0.1.0)
    diffy (3.2.0)
    highline (1.7.8)
    jmespath (1.3.1)
    json (2.0.4)
    rake (12.0.0)

PLATFORMS
  ruby

DEPENDENCIES
  cloudformation-ruby-dsl
  diw-config!

BUNDLED WITH
   1.14.6
