GEM
  remote: https://rubygems.org/
  specs:
    aws-sdk (2.6.1)
      aws-sdk-resources (= 2.6.1)
    aws-sdk-core (2.6.1)
      jmespath (~> 1.0)
    aws-sdk-resources (2.6.1)
      aws-sdk-core (= 2.6.1)
    cloudformation-ruby-dsl (1.2.3)
      aws-sdk (>= 2.5.1)
      bundler
      detabulator
      diffy
      highline
      json
      rake
    detabulator (0.1.0)
    diffy (3.1.0)
    highline (1.7.8)
    jmespath (1.3.1)
    json (2.0.2)
    rake (11.2.2)

PLATFORMS
  ruby

DEPENDENCIES
  cloudformation-ruby-dsl

BUNDLED WITH
   1.13.1
