GIT
  remote: https://github.com/wpalmer/config-ruby-dsl.git
  revision: bdfdd38c1e0bec3c2464ccf9b9ee4a0a1dbc692c
  specs:
    diw-config (0.0.0)

GEM
  remote: https://rubygems.org/
  specs:
    aws-sdk (2.6.2)
      aws-sdk-resources (= 2.6.2)
    aws-sdk-core (2.6.2)
      jmespath (~> 1.0)
    aws-sdk-resources (2.6.2)
      aws-sdk-core (= 2.6.2)
    cloudformation-ruby-dsl (1.2.3)
      aws-sdk (>= 2.5.1)
      bundler
      detabulator
      diffy
      highline
      json
      rake
    detabulator (0.1.0)
    diffy (3.1.0)
    highline (1.7.8)
    jmespath (1.3.1)
    json (2.0.2)
    rake (11.3.0)

PLATFORMS
  ruby

DEPENDENCIES
  cloudformation-ruby-dsl
  diw-config!

BUNDLED WITH
   1.13.1
